GEM
  specs:

GEM
  remote: https://rubygems.org/
  specs:
    httparty (0.21.0)
      mini_mime (>= 1.0.0)
      multi_xml (>= 0.5.2)
    json (2.3.0)
    mini_mime (1.1.2)
    mini_portile2 (2.8.0)
    multi_xml (0.6.0)
    nokogiri (1.13.10)
      mini_portile2 (~> 2.8.0)
      racc (~> 1.4)
    openssl (2.1.2)
    racc (1.6.1)

PLATFORMS
  ruby

DEPENDENCIES
  httparty!
  json!
  nokogiri!
  openssl!

BUNDLED WITH
   2.0.1
