GEM
  specs:

GEM
  remote: https://rubygems.org/
  specs:
    httparty (0.16.3)
      mime-types (~> 3.0)
      multi_xml (>= 0.5.2)
    json (2.3.0)
    mime-types (3.2.2)
      mime-types-data (~> 3.2015)
    mime-types-data (3.2018.0812)
    mini_portile2 (2.8.0)
    multi_xml (0.6.0)
    nokogiri (1.13.9)
      mini_portile2 (~> 2.8.0)
      racc (~> 1.4)
    openssl (2.1.2)
    racc (1.6.0)

PLATFORMS
  ruby

DEPENDENCIES
  httparty!
  json!
  nokogiri!
  openssl!

BUNDLED WITH
   2.0.1
